PATH
  remote: .
  specs:
    corona (0.0.6)
      sequel
      snmp
      sqlite3

GEM
  remote: https://rubygems.org/
  specs:
    rspec-core (2.14.7)
    sequel (4.7.0)
    snmp (1.1.1)
    sqlite3 (1.3.8)

PLATFORMS
  ruby

DEPENDENCIES
  corona!
  rspec-core
