PATH
  remote: .
  specs:
    corona (0.0.12)
      asetus
      sequel
      slop
      snmp
      sqlite3

GEM
  remote: https://rubygems.org/
  specs:
    asetus (0.0.7)
      slop
    sequel (4.9.0)
    slop (3.5.0)
    snmp (1.1.1)
    sqlite3 (1.3.9)

PLATFORMS
  ruby

DEPENDENCIES
  corona!
