GEM
  remote: https://rubygems.org/
  specs:
    coderay (1.0.9)
    diff-lcs (1.2.3)
    method_source (0.8.1)
    pry (0.9.12)
      coderay (~> 1.0.5)
      method_source (~> 0.8)
      slop (~> 3.4)
    rspec (2.13.0)
      rspec-core (~> 2.13.0)
      rspec-expectations (~> 2.13.0)
      rspec-mocks (~> 2.13.0)
    rspec-core (2.13.1)
    rspec-expectations (2.13.0)
      diff-lcs (>= 1.1.3, < 2.0)
    rspec-mocks (2.13.1)
    sequel (3.46.0)
    slop (3.4.4)
    snmp (1.1.1)
    sqlite3 (1.3.7)

PLATFORMS
  ruby

DEPENDENCIES
  pry
  rspec
  sequel
  snmp
  sqlite3
