PATH
  remote: .
  specs:
    corona (0.0.11)
      asetus
      sequel
      slop
      snmp
      sqlite3

GEM
  remote: https://rubygems.org/
  specs:
    asetus (0.0.6)
      slop
    sequel (4.7.0)
    slop (3.4.7)
    snmp (1.1.1)
    sqlite3 (1.3.8)

PLATFORMS
  ruby

DEPENDENCIES
  corona!
